PATH
  remote: .
  specs:
    apprepo (0.0.7)
      fastimage (~> 1.6)
      fastlane_core (~> 0)
      json (= 1.8.1)
      net-sftp (~> 0)
      net-ssh (~> 0)

GEM
  remote: https://rubygems.org/
  specs:
    addressable (2.3.8)
    ast (2.2.0)
    babosa (1.0.2)
    builder (3.2.2)
    coderay (1.1.1)
    colored (1.2)
    commander (4.3.5)
      highline (~> 1.7.2)
    coveralls (0.8.13)
      json (~> 1.8)
      simplecov (~> 0.11.0)
      term-ansicolor (~> 1.3)
      thor (~> 0.19.1)
      tins (~> 1.6.0)
    coverband (0.0.26)
      json
      redis
      simplecov
    crack (0.4.3)
      safe_yaml (~> 1.0.0)
    credentials_manager (0.16.0)
      colored
      commander (>= 4.3.5)
      highline (>= 1.7.1)
      security
    diff-lcs (1.2.5)
    docile (1.1.5)
    excon (0.45.4)
    fakefs (0.8.1)
    fastimage (1.9.0)
      addressable (~> 2.3.5)
    fastlane_core (0.44.2)
      babosa
      colored
      commander (= 4.3.5)
      credentials_manager (>= 0.16.0, < 1.0.0)
      excon (~> 0.45.0)
      highline (>= 1.7.2)
      json
      multi_json
      plist (~> 3.1)
      rubyzip (~> 1.1.6)
      terminal-table (~> 1.4.5)
    hashdiff (0.3.0)
    highline (1.7.8)
    json (1.8.1)
    method_source (0.8.2)
    multi_json (1.12.1)
    needle (1.3.0)
    net-sftp (0.9.0)
      net-ssh (>= 0.6.0)
    net-ssh (0.9.0)
      needle (>= 1.2.0)
    parser (2.3.1.0)
      ast (~> 2.2)
    plist (3.2.0)
    powerpack (0.1.1)
    pry (0.10.3)
      coderay (~> 1.1.0)
      method_source (~> 0.8.1)
      slop (~> 3.4)
    rainbow (2.1.0)
    rake (0.9.6)
    redis (3.3.0)
    rspec (3.4.0)
      rspec-core (~> 3.4.0)
      rspec-expectations (~> 3.4.0)
      rspec-mocks (~> 3.4.0)
    rspec-core (3.4.4)
      rspec-support (~> 3.4.0)
    rspec-expectations (3.4.0)
      diff-lcs (>= 1.2.0, < 2.0)
      rspec-support (~> 3.4.0)
    rspec-mocks (3.4.1)
      diff-lcs (>= 1.2.0, < 2.0)
      rspec-support (~> 3.4.0)
    rspec-support (3.4.1)
    rspec_junit_formatter (0.2.2)
      builder (< 4)
      rspec-core (>= 2, < 4, != 2.12.0)
    rubocop (0.38.0)
      parser (>= 2.3.0.6, < 3.0)
      powerpack (~> 0.1)
      rainbow (>= 1.99.1, < 3.0)
      ruby-progressbar (~> 1.7)
      unicode-display_width (~> 1.0, >= 1.0.1)
    ruby-progressbar (1.8.1)
    rubyzip (1.1.7)
    safe_yaml (1.0.4)
    security (0.1.3)
    simplecov (0.11.2)
      docile (~> 1.1.0)
      json (~> 1.8)
      simplecov-html (~> 0.10.0)
    simplecov-html (0.10.0)
    slop (3.6.0)
    term-ansicolor (1.3.2)
      tins (~> 1.0)
    terminal-table (1.4.5)
    thor (0.19.1)
    tins (1.6.0)
    unicode-display_width (1.0.5)
    webmock (1.24.6)
      addressable (>= 2.3.6)
      crack (>= 0.3.2)
      hashdiff
    yard (0.8.7.6)

PLATFORMS
  ruby

DEPENDENCIES
  apprepo!
  bundler (~> 1.0)
  coveralls
  coverband (~> 0)
  fakefs (~> 0)
  pry (~> 0)
  rake (~> 0.1)
  rspec (~> 3.1, >= 3.1.0)
  rspec_junit_formatter (= 0.2.2)
  rubocop (~> 0.38.0)
  webmock (~> 1.19, >= 1.19.0)
  yard (~> 0.8.7.4)

BUNDLED WITH
   1.12.4
