PATH
  remote: .
  specs:
    apprepo (0.0.5)
      fastimage (~> 1.6)
      fastlane (~> 0, < 2.0.0)
      fastlane_core (~> 0)
      json (= 1.8.1)
      net-sftp (~> 0)
      net-ssh (~> 0)

GEM
  remote: https://rubygems.org/
  specs:
    addressable (2.3.8)
    ast (2.2.0)
    babosa (1.0.2)
    builder (3.2.2)
    capybara (2.4.4)
      mime-types (>= 1.16)
      nokogiri (>= 1.3.3)
      rack (>= 1.0.0)
      rack-test (>= 0.5.4)
      xpath (~> 2.0)
    cliver (0.3.2)
    coderay (1.1.1)
    colored (1.2)
    commander (4.2.1)
      highline (~> 1.6.11)
    coveralls (0.8.13)
      json (~> 1.8)
      simplecov (~> 0.11.0)
      term-ansicolor (~> 1.3)
      thor (~> 0.19.1)
      tins (~> 1.6.0)
    crack (0.4.3)
      safe_yaml (~> 1.0.0)
    credentials_manager (0.2.1)
      colored
      highline
      security
    deliver (0.9.2)
      excon
      fastimage (~> 1.6.3)
      fastlane_core (>= 0.5.2)
      nokogiri (~> 1.6.5)
      plist (~> 3.1.0)
      prawn
      rubyzip (~> 1.1.6)
    diff-lcs (1.2.5)
    docile (1.1.5)
    excon (0.45.4)
    fakefs (0.8.1)
    fastimage (1.6.8)
      addressable (~> 2.3, >= 2.3.5)
    fastlane (0.0.1)
      capybara (~> 2.4.3)
      colored
      commander (~> 4.2.0)
      deliver
      highline (~> 1.6.21)
      json
      poltergeist (~> 1.5.1)
      security (~> 0.1.3)
    fastlane_core (0.6.0)
      babosa
      capybara (~> 2.4.3)
      colored
      commander (>= 4.1.0)
      credentials_manager (>= 0.2.1)
      excon (~> 0.45.0)
      highline
      json
      multi_json
      phantomjs (~> 1.9.8)
      poltergeist (~> 1.5.1)
    hashdiff (0.3.0)
    highline (1.6.21)
    json (1.8.1)
    method_source (0.8.2)
    mime-types (3.1)
      mime-types-data (~> 3.2015)
    mime-types-data (3.2016.0521)
    mini_portile2 (2.0.0)
    multi_json (1.12.1)
    needle (1.3.0)
    net-sftp (0.9.0)
      net-ssh (>= 0.6.0)
    net-ssh (0.9.0)
      needle (>= 1.2.0)
    nokogiri (1.6.7.2)
      mini_portile2 (~> 2.0.0.rc2)
    parser (2.3.1.0)
      ast (~> 2.2)
    pdf-core (0.6.1)
    phantomjs (1.9.8.0)
    plist (3.1.0)
    poltergeist (1.5.1)
      capybara (~> 2.1)
      cliver (~> 0.3.1)
      multi_json (~> 1.0)
      websocket-driver (>= 0.2.0)
    powerpack (0.1.1)
    prawn (2.1.0)
      pdf-core (~> 0.6.1)
      ttfunk (~> 1.4.0)
    pry (0.10.3)
      coderay (~> 1.1.0)
      method_source (~> 0.8.1)
      slop (~> 3.4)
    rack (1.6.4)
    rack-test (0.6.3)
      rack (>= 1.0)
    rainbow (2.1.0)
    rake (0.9.6)
    rspec (3.4.0)
      rspec-core (~> 3.4.0)
      rspec-expectations (~> 3.4.0)
      rspec-mocks (~> 3.4.0)
    rspec-core (3.4.4)
      rspec-support (~> 3.4.0)
    rspec-expectations (3.4.0)
      diff-lcs (>= 1.2.0, < 2.0)
      rspec-support (~> 3.4.0)
    rspec-mocks (3.4.1)
      diff-lcs (>= 1.2.0, < 2.0)
      rspec-support (~> 3.4.0)
    rspec-support (3.4.1)
    rspec_junit_formatter (0.2.2)
      builder (< 4)
      rspec-core (>= 2, < 4, != 2.12.0)
    rubocop (0.38.0)
      parser (>= 2.3.0.6, < 3.0)
      powerpack (~> 0.1)
      rainbow (>= 1.99.1, < 3.0)
      ruby-progressbar (~> 1.7)
      unicode-display_width (~> 1.0, >= 1.0.1)
    ruby-progressbar (1.8.1)
    rubyzip (1.1.7)
    safe_yaml (1.0.4)
    security (0.1.3)
    simplecov (0.11.2)
      docile (~> 1.1.0)
      json (~> 1.8)
      simplecov-html (~> 0.10.0)
    simplecov-html (0.10.0)
    slop (3.6.0)
    term-ansicolor (1.3.2)
      tins (~> 1.0)
    thor (0.19.1)
    tins (1.6.0)
    ttfunk (1.4.0)
    unicode-display_width (1.0.5)
    webmock (1.24.6)
      addressable (>= 2.3.6)
      crack (>= 0.3.2)
      hashdiff
    websocket-driver (0.6.4)
      websocket-extensions (>= 0.1.0)
    websocket-extensions (0.1.2)
    xpath (2.0.0)
      nokogiri (~> 1.3)
    yard (0.8.7.6)

PLATFORMS
  ruby

DEPENDENCIES
  apprepo!
  bundler (~> 1.0)
  coveralls (~> 0)
  fakefs (~> 0)
  pry (~> 0)
  rake (~> 0.1)
  rspec (~> 3.1, >= 3.1.0)
  rspec_junit_formatter (= 0.2.2)
  rubocop (~> 0.38.0)
  webmock (~> 1.19, >= 1.19.0)
  yard (~> 0.8.7.4)

BUNDLED WITH
   1.12.4
